GEM
  remote: https://rubygems.org/
  specs:
    env (0.3.0)
    faraday (0.11.0)
      multipart-post (>= 1.2, < 3)
    json (2.0.3)
    multipart-post (2.0.0)
    rack (2.2.2)
    redis (4.1.3)
    redis-rack (2.1.2)
      rack (>= 2.0.8, < 3)
      redis-store (>= 1.2, < 2)
    redis-store (1.8.2)
      redis (>= 4, < 5)

PLATFORMS
  ruby

DEPENDENCIES
  env
  faraday
  json
  rack (>= 2.0.8)
  redis-rack

BUNDLED WITH
   1.16.3
