GEM
  remote: https://rubygems.org/
  specs:
    env (0.3.0)
    faraday (0.11.0)
      multipart-post (>= 1.2, < 3)
    json (2.0.3)
    multipart-post (2.0.0)
    rack (2.0.8)

PLATFORMS
  ruby

DEPENDENCIES
  env
  faraday
  json
  rack

BUNDLED WITH
   1.16.3
